PATH
  remote: .
  specs:
    carpet_diem (0.0.6)
      gosu (~> 0.10.2)

GEM
  remote: https://rubygems.org/
  specs:
    diff-lcs (1.2.5)
    gosu (0.10.2)
    rspec (3.3.0)
      rspec-core (~> 3.3.0)
      rspec-expectations (~> 3.3.0)
      rspec-mocks (~> 3.3.0)
    rspec-core (3.3.2)
      rspec-support (~> 3.3.0)
    rspec-expectations (3.3.1)
      diff-lcs (>= 1.2.0, < 2.0)
      rspec-support (~> 3.3.0)
    rspec-mocks (3.3.2)
      diff-lcs (>= 1.2.0, < 2.0)
      rspec-support (~> 3.3.0)
    rspec-support (3.3.0)

PLATFORMS
  ruby

DEPENDENCIES
  carpet_diem!
  rspec

BUNDLED WITH
   1.10.6
